PATH
  remote: .
  specs:
    whatsup (0.1.1)

GEM
  remote: https://rubygems.org/
  specs:

PLATFORMS
  ruby

DEPENDENCIES
  whatsup!
